GIT
  remote: git://github.com/Banno/rspec-sidecar.git
  revision: 0ce490dabc44558abdd15cf3aab56d47897bf9da
  specs:
    rspec-sidecar (0.0.1)
      rest-client (~> 1.7.2)
      rspec (~> 3.1.0)
      zk (~> 1.9.4)

GEM
  remote: https://rubygems.org/
  specs:
    diff-lcs (1.2.5)
    json (2.0.1)
    mime-types (2.99.2)
    netrc (0.11.0)
    rest-client (1.7.3)
      mime-types (>= 1.16, < 3.0)
      netrc (~> 0.7)
    rspec (3.1.0)
      rspec-core (~> 3.1.0)
      rspec-expectations (~> 3.1.0)
      rspec-mocks (~> 3.1.0)
    rspec-core (3.1.7)
      rspec-support (~> 3.1.0)
    rspec-expectations (3.1.2)
      diff-lcs (>= 1.2.0, < 2.0)
      rspec-support (~> 3.1.0)
    rspec-mocks (3.1.3)
      rspec-support (~> 3.1.0)
    rspec-support (3.1.2)
    zk (1.9.6)
      zookeeper (~> 1.4.0)
    zookeeper (1.4.11)

PLATFORMS
  ruby

DEPENDENCIES
  json
  rspec-sidecar!

BUNDLED WITH
   1.12.5
